GIT
  remote: git://github.com/ronen/simplecov-gem-adapter.git
  revision: aff2a9b94e02fc5322534315755ccb2391819feb
  specs:
    simplecov-gem-adapter (1.0.1)
      simplecov (>= 0.8.1)

GEM
  remote: https://rubygems.org/
  specs:
    codeclimate-test-reporter (0.3.0)
      simplecov (>= 0.7.1, < 1.0.0)
    diff-lcs (1.2.5)
    docile (1.1.3)
    multi_json (1.9.2)
    nyan-cat-formatter (0.5.2)
      rspec (>= 2.13)
    rspec (2.14.1)
      rspec-core (~> 2.14.0)
      rspec-expectations (~> 2.14.0)
      rspec-mocks (~> 2.14.0)
    rspec-core (2.14.8)
    rspec-expectations (2.14.5)
      diff-lcs (>= 1.1.3, < 2.0)
    rspec-mocks (2.14.6)
    simplecov (0.8.2)
      docile (~> 1.1.0)
      multi_json
      simplecov-html (~> 0.8.0)
    simplecov-html (0.8.0)

PLATFORMS
  ruby

DEPENDENCIES
  codeclimate-test-reporter
  nyan-cat-formatter
  rspec
  simplecov-gem-adapter!
