GIT
  remote: git://github.com/ronen/simplecov-gem-adapter.git
  revision: aff2a9b94e02fc5322534315755ccb2391819feb
  specs:
    simplecov-gem-adapter (1.0.1)
      simplecov (>= 0.8.1)

GEM
  remote: https://rubygems.org/
  specs:
    ast (2.0.0)
    codeclimate-test-reporter (0.3.0)
      simplecov (>= 0.7.1, < 1.0.0)
    diff-lcs (1.2.5)
    docile (1.1.3)
    json (1.8.1)
    multi_json (1.9.2)
    nyan-cat-formatter (0.5.2)
      rspec (>= 2.13)
    parser (2.2.0.pre.2)
      ast (>= 1.1, < 3.0)
      slop (~> 3.4, >= 3.4.5)
    powerpack (0.0.9)
    rainbow (2.0.0)
    rspec (2.14.1)
      rspec-core (~> 2.14.0)
      rspec-expectations (~> 2.14.0)
      rspec-mocks (~> 2.14.0)
    rspec-core (2.14.8)
    rspec-expectations (2.14.5)
      diff-lcs (>= 1.1.3, < 2.0)
    rspec-mocks (2.14.6)
    rubocop (0.24.0)
      json (>= 1.7.7, < 2)
      parser (>= 2.2.0.pre.2, < 3.0)
      powerpack (~> 0.0.6)
      rainbow (>= 1.99.1, < 3.0)
      ruby-progressbar (~> 1.4)
    ruby-progressbar (1.5.1)
    simplecov (0.8.2)
      docile (~> 1.1.0)
      multi_json
      simplecov-html (~> 0.8.0)
    simplecov-html (0.8.0)
    slop (3.5.0)

PLATFORMS
  ruby

DEPENDENCIES
  codeclimate-test-reporter
  nyan-cat-formatter
  rspec
  rubocop
  simplecov-gem-adapter!
